GEM
  remote: https://rubygems.org/
  specs:
    ansi (1.5.0)
    diff-lcs (1.2.5)
    hashie (3.4.2)
    highline (1.7.2)
    itamae (1.3.1)
      ansi
      hashie
      schash (~> 0.1.0)
      specinfra (>= 2.31.0, < 3.0.0)
      thor
    itamae-plugin-recipe-rbenv (0.3.2)
      itamae (~> 1.2)
    multi_json (1.11.2)
    net-scp (1.2.1)
      net-ssh (>= 2.6.5)
    net-ssh (2.9.2)
    net-telnet (0.1.1)
    rspec (3.3.0)
      rspec-core (~> 3.3.0)
      rspec-expectations (~> 3.3.0)
      rspec-mocks (~> 3.3.0)
    rspec-core (3.3.1)
      rspec-support (~> 3.3.0)
    rspec-expectations (3.3.0)
      diff-lcs (>= 1.2.0, < 2.0)
      rspec-support (~> 3.3.0)
    rspec-its (1.2.0)
      rspec-core (>= 3.0.0)
      rspec-expectations (>= 3.0.0)
    rspec-mocks (3.3.1)
      diff-lcs (>= 1.2.0, < 2.0)
      rspec-support (~> 3.3.0)
    rspec-support (3.3.0)
    schash (0.1.1)
    serverspec (2.19.0)
      multi_json
      rspec (~> 3.0)
      rspec-its
      specinfra (~> 2.35)
    specinfra (2.36.13)
      net-scp
      net-ssh
      net-telnet
    thor (0.19.1)

PLATFORMS
  ruby

DEPENDENCIES
  highline
  itamae
  itamae-plugin-recipe-rbenv
  serverspec

BUNDLED WITH
   1.10.5
